GIT
  remote: http://github.com/sanger/lims-api.git
  revision: cd31d92e4e89d664a31958080c0ea34a632b1241
  branch: development
  specs:
    lims-api (3.1.0.1.2)
      active_support
      bunny (= 0.9.0.pre10)
      json
      sequel
      state_machine

GIT
  remote: http://github.com/sanger/lims-core.git
  revision: f87c5ed325db1042d126ba8fee08933f81c151eb
  branch: development
  specs:
    lims-core (3.1.0.1.1)
      active_support
      aequitas
      bunny (= 0.9.0.pre10)
      dm-validations
      facets (= 2.9.3)
      modularity
      sequel
      state_machine
      uuid
      virtus (= 0.2.0)

GIT
  remote: http://github.com/sanger/psd_logger.git
  revision: dd2d634114df75b1d8535715c169a7fc99521389
  specs:
    psd_logger (0.1.6)

GIT
  remote: http://github.com/sinatra/sinatra.git
  revision: 459369eb66224836f72e21bbece58c007f3422fa
  branch: 459369eb66224836f72e21bbece58c007f3422fa
  specs:
    sinatra (1.4.0)
      rack (~> 1.4)
      rack-protection (~> 1.3)
      tilt (~> 1.3, >= 1.3.3)

PATH
  remote: .
  specs:
    lims-laboratory-app (3.1.0.1.0)

GEM
  remote: http://rubygems.org/
  specs:
    active_support (3.0.0)
      activesupport (= 3.0.0)
    activesupport (3.0.0)
    addressable (2.3.5)
    aequitas (0.0.2)
    amq-protocol (1.8.0)
    bond (0.4.3)
    bunny (0.9.0.pre10)
      amq-protocol (>= 1.4.0)
    columnize (0.3.6)
    debugger (1.6.1)
      columnize (>= 0.3.1)
      debugger-linecache (~> 1.2.0)
      debugger-ruby_core_source (~> 1.2.3)
    debugger-completion (1.0.0)
      bond (>= 0.4.2)
      debugger (~> 1.1)
    debugger-linecache (1.2.0)
    debugger-ruby_core_source (1.2.3)
    diff-lcs (1.2.4)
    dm-core (1.2.1)
      addressable (~> 2.3)
    dm-validations (1.2.0)
      dm-core (~> 1.2.0)
    facets (2.9.3)
    hashdiff (0.1.1)
    jdbc-mysql (5.1.25)
    jdbc-sqlite3 (3.7.2.1)
    jruby-rack (1.1.13.2)
    json (1.8.1)
    json (1.8.1-java)
    linecache (0.46-java)
    macaddr (1.6.1)
      systemu (~> 2.5.0)
    modularity (0.6.1)
    mysql2 (0.3.13)
    rack (1.5.2)
    rack-protection (1.5.0)
      rack
    rack-test (0.6.2)
      rack (>= 1.0)
    rake (0.9.6)
    redcarpet (3.0.0)
    rspec (2.14.1)
      rspec-core (~> 2.14.0)
      rspec-expectations (~> 2.14.0)
      rspec-mocks (~> 2.14.0)
    rspec-core (2.14.5)
    rspec-expectations (2.14.2)
      diff-lcs (>= 1.1.3, < 2.0)
    rspec-mocks (2.14.3)
    ruby-debug (0.10.4)
      columnize (>= 0.1)
      ruby-debug-base (~> 0.10.4.0)
    ruby-debug-base (0.10.4)
      linecache (>= 0.3)
    ruby-debug-base (0.10.4-java)
    ruby-graphviz (1.0.9)
    ruby-prof (0.13.0)
    sequel (4.4.0)
    sqlite3 (1.3.8)
    state_machine (1.2.0)
    systemu (2.5.2)
    tilt (1.4.1)
    timecop (0.6.3)
    trinidad (1.4.5)
      jruby-rack (>= 1.1.13)
      trinidad_jars (>= 1.2.3)
    trinidad_daemon_extension (0.4.0)
      trinidad (>= 1.3.5)
    trinidad_jars (1.2.4)
    uuid (2.3.7)
      macaddr (~> 1.0)
    virtus (0.2.0)
    yard (0.7.3)
    yard-rspec (0.1)
      yard
    yard-state_machine (0.0.1)
      ruby-graphviz (~> 1.0.0)
      yard (~> 0.7.3)

PLATFORMS
  java
  ruby

DEPENDENCIES
  activesupport (~> 3.0.0)
  debugger
  debugger-completion
  hashdiff
  jdbc-mysql
  jdbc-sqlite3
  lims-api (~> 3.1)!
  lims-core (~> 3.1)!
  lims-laboratory-app!
  mysql2
  psd_logger!
  rack-test (~> 0.6.1)
  rake (~> 0.9.2)
  redcarpet
  rspec (~> 2.13)
  ruby-debug
  ruby-graphviz
  ruby-prof
  sinatra!
  sqlite3
  timecop
  trinidad
  trinidad_daemon_extension
  yard (= 0.7.3)
  yard-rspec (= 0.1)
  yard-state_machine
